GEM
  remote: http://rubygems.org/
  specs:
    capistrano (2.13.5)
      highline
      net-scp (>= 1.0.0)
      net-sftp (>= 2.0.0)
      net-ssh (>= 2.0.14)
      net-ssh-gateway (>= 1.1.0)
    eventmachine (1.0.0.rc.4)
    eventmachine (1.0.0.rc.4-java)
    foreman (0.60.2)
      thor (>= 0.13.6)
    highline (1.6.15)
    json (1.5.0)
    json (1.5.0-java)
    metaclass (0.0.1)
    mocha (0.11.3)
      metaclass (~> 0.0.1)
    net-scp (1.0.4)
      net-ssh (>= 1.99.1)
    net-sftp (2.0.5)
      net-ssh (>= 2.0.9)
    net-ssh (2.6.2)
    net-ssh-gateway (1.1.0)
      net-ssh (>= 1.99.1)
    open4 (1.3.0)
    rake (0.9.2.2)
    recap (1.0.6)
      capistrano (~> 2.9)
      open4
      thor
    redis (3.0.2)
    thor (0.16.0)
    yard (0.8.2)

PLATFORMS
  java
  ruby

DEPENDENCIES
  eventmachine (~> 1.0.0.rc.4)
  foreman
  json
  mocha
  rake
  recap
  redis (~> 3.0.2)
  yard
